GEM
  remote: https://rubygems.org/
  remote: https://repo.fury.io/wied03/
  specs:
    bswtech-jenkins-gem (1.0.30)
      gemfury (~> 0.7)
      rubyzip (~> 1.2)
      sinatra (~> 2.0)
    diff-lcs (1.3)
    docker-api (1.34.2)
      excon (>= 0.47.0)
      multi_json
    excon (0.62.0)
    faraday (0.15.4)
      multipart-post (>= 1.2, < 3)
    gemfury (0.9.1)
      faraday (>= 0.9.0, < 0.16.0.pre)
      highline (>= 1.6.0, < 2.1.0.pre)
      multi_json (~> 1.10)
      netrc (>= 0.10.0, < 0.12.0.pre)
      thor (>= 0.14.0, < 1.0.0.pre)
    highline (2.0.1)
    multi_json (1.13.1)
    multipart-post (2.0.0)
    mustermann (1.0.3)
    net-scp (1.2.1)
      net-ssh (>= 2.6.5)
    net-ssh (5.2.0)
    net-telnet (0.1.1)
    netrc (0.11.0)
    rack (2.0.6)
    rack-protection (2.0.5)
      rack
    rake (12.3.2)
    retryable (3.0.4)
    rspec (3.8.0)
      rspec-core (~> 3.8.0)
      rspec-expectations (~> 3.8.0)
      rspec-mocks (~> 3.8.0)
    rspec-core (3.8.0)
      rspec-support (~> 3.8.0)
    rspec-expectations (3.8.2)
      diff-lcs (>= 1.2.0, < 2.0)
      rspec-support (~> 3.8.0)
    rspec-its (1.2.0)
      rspec-core (>= 3.0.0)
      rspec-expectations (>= 3.0.0)
    rspec-mocks (3.8.0)
      diff-lcs (>= 1.2.0, < 2.0)
      rspec-support (~> 3.8.0)
    rspec-support (3.8.0)
    rspec_junit_formatter (0.4.1)
      rspec-core (>= 2, < 4, != 2.12.0)
    rubyzip (1.2.2)
    secure_headers (6.1.0)
    serverspec (2.41.3)
      multi_json
      rspec (~> 3.0)
      rspec-its
      specinfra (~> 2.72)
    sfl (2.3)
    sinatra (2.0.5)
      mustermann (~> 1.0)
      rack (~> 2.0)
      rack-protection (= 2.0.5)
      tilt (~> 2.0)
    specinfra (2.76.9)
      net-scp
      net-ssh (>= 2.7)
      net-telnet (= 0.1.1)
      sfl
    thor (0.20.3)
    tilt (2.0.9)

PLATFORMS
  ruby

DEPENDENCIES
  bswtech-jenkins-gem!
  docker-api
  rake
  retryable
  rspec_junit_formatter
  rubyzip
  secure_headers
  serverspec

BUNDLED WITH
   2.1.2
