GEM
  remote: https://rubygems.org/
  remote: https://repo.fury.io/wied03/
  specs:
    activesupport (5.1.5)
      concurrent-ruby (~> 1.0, >= 1.0.2)
      i18n (~> 0.7)
      minitest (~> 5.1)
      tzinfo (~> 1.1)
    bswtech-jenkins-gem (1.0.26)
      gemfury (~> 0.7)
      rubyzip (~> 1.2)
      sinatra (~> 2.0)
    concurrent-ruby (1.0.5)
    diff-lcs (1.3)
    docker-api (1.33.2)
      excon (>= 0.38.0)
      json
    excon (0.55.0)
    faraday (0.11.0)
      multipart-post (>= 1.2, < 3)
    gemfury (0.7.0)
      faraday (>= 0.9.0, < 0.12.0.pre)
      highline (~> 1.6)
      multi_json (~> 1.10)
      netrc (>= 0.10.0, < 0.12.0.pre)
      thor (>= 0.14.0, < 1.0.0.pre)
    highline (1.7.10)
    i18n (0.9.5)
      concurrent-ruby (~> 1.0)
    json (2.0.3)
    minitest (5.11.3)
    multi_json (1.13.1)
    multipart-post (2.0.0)
    mustermann (1.0.2)
    net-scp (1.2.1)
      net-ssh (>= 2.6.5)
    net-ssh (4.1.0)
    net-telnet (0.1.1)
    netrc (0.11.0)
    rack (2.0.4)
    rack-protection (2.0.1)
      rack
    rake (12.0.0)
    retryable (2.0.4)
    rouge (1.11.1)
    rspec (3.7.0)
      rspec-core (~> 3.7.0)
      rspec-expectations (~> 3.7.0)
      rspec-mocks (~> 3.7.0)
    rspec-core (3.7.1)
      rspec-support (~> 3.7.0)
    rspec-expectations (3.7.0)
      diff-lcs (>= 1.2.0, < 2.0)
      rspec-support (~> 3.7.0)
    rspec-its (1.2.0)
      rspec-core (>= 3.0.0)
      rspec-expectations (>= 3.0.0)
    rspec-mocks (3.7.0)
      diff-lcs (>= 1.2.0, < 2.0)
      rspec-support (~> 3.7.0)
    rspec-support (3.7.1)
    rspec_html_reporter (1.0.0)
      activesupport
      rouge (~> 1.6)
      rspec
    rspec_junit_formatter (0.3.0)
      rspec-core (>= 2, < 4, != 2.12.0)
    rubyzip (1.2.1)
    secure_headers (5.0.5)
      useragent (>= 0.15.0)
    serverspec (2.38.0)
      multi_json
      rspec (~> 3.0)
      rspec-its
      specinfra (~> 2.53)
    sfl (2.3)
    sinatra (2.0.1)
      mustermann (~> 1.0)
      rack (~> 2.0)
      rack-protection (= 2.0.1)
      tilt (~> 2.0)
    specinfra (2.67.2)
      net-scp
      net-ssh (>= 2.7, < 5.0)
      net-telnet
      sfl
    thor (0.20.0)
    thread_safe (0.3.6)
    tilt (2.0.8)
    tzinfo (1.2.5)
      thread_safe (~> 0.1)
    useragent (0.16.10)

PLATFORMS
  ruby

DEPENDENCIES
  bswtech-jenkins-gem
  docker-api
  rake
  retryable
  rspec_html_reporter
  rspec_junit_formatter
  secure_headers
  serverspec

BUNDLED WITH
   1.16.1
