GEM
  remote: https://rubygems.org/
  specs:
    bswtech-jenkins-gem (1.0.0)
      gemfury (~> 0.7)
      rubyzip (~> 1.2)
      sinatra (~> 2.0)
    builder (3.2.3)
    ci_reporter (2.0.0)
      builder (>= 2.1.2)
    ci_reporter_rspec (1.0.0)
      ci_reporter (~> 2.0)
      rspec (>= 2.14, < 4)
    diff-lcs (1.3)
    docker-api (1.33.2)
      excon (>= 0.38.0)
      json
    excon (0.55.0)
    faraday (0.11.0)
      multipart-post (>= 1.2, < 3)
    gemfury (0.7.0)
      faraday (>= 0.9.0, < 0.12.0.pre)
      highline (~> 1.6)
      multi_json (~> 1.10)
      netrc (>= 0.10.0, < 0.12.0.pre)
      thor (>= 0.14.0, < 1.0.0.pre)
    highline (1.7.10)
    json (2.0.3)
    multi_json (1.12.1)
    multipart-post (2.0.0)
    mustermann (1.0.1)
    net-scp (1.2.1)
      net-ssh (>= 2.6.5)
    net-ssh (4.1.0)
    net-telnet (0.1.1)
    netrc (0.11.0)
    rack (2.0.4)
    rack-protection (2.0.0)
      rack
    rake (12.0.0)
    retryable (2.0.4)
    rspec (3.7.0)
      rspec-core (~> 3.7.0)
      rspec-expectations (~> 3.7.0)
      rspec-mocks (~> 3.7.0)
    rspec-core (3.7.1)
      rspec-support (~> 3.7.0)
    rspec-expectations (3.7.0)
      diff-lcs (>= 1.2.0, < 2.0)
      rspec-support (~> 3.7.0)
    rspec-its (1.2.0)
      rspec-core (>= 3.0.0)
      rspec-expectations (>= 3.0.0)
    rspec-mocks (3.7.0)
      diff-lcs (>= 1.2.0, < 2.0)
      rspec-support (~> 3.7.0)
    rspec-support (3.7.1)
    rubyzip (1.2.1)
    serverspec (2.38.0)
      multi_json
      rspec (~> 3.0)
      rspec-its
      specinfra (~> 2.53)
    sfl (2.3)
    sinatra (2.0.0)
      mustermann (~> 1.0)
      rack (~> 2.0)
      rack-protection (= 2.0.0)
      tilt (~> 2.0)
    specinfra (2.67.2)
      net-scp
      net-ssh (>= 2.7, < 5.0)
      net-telnet
      sfl
    thor (0.20.0)
    tilt (2.0.8)

PLATFORMS
  ruby

DEPENDENCIES
  bswtech-jenkins-gem
  ci_reporter_rspec
  docker-api
  rake
  retryable
  serverspec

BUNDLED WITH
   1.16.0
