GEM
  remote: https://repo.fury.io/wied03/
  specs:
    jenkins-plugin-proxy-ace-editor (1.1)
      jenkins-plugin-proxy-jenkins-core (>= 1.580.1)
    jenkins-plugin-proxy-antisamy-markup-formatter (1.8)
      jenkins-plugin-proxy-jenkins-core (>= 2.60.3)
    jenkins-plugin-proxy-apache-httpcomponents-client-4-api (4.5.10.2.0)
      jenkins-plugin-proxy-jenkins-core (>= 2.60.3)
    jenkins-plugin-proxy-authentication-tokens (1.3)
      jenkins-plugin-proxy-credentials (>= 1.22)
      jenkins-plugin-proxy-jenkins-core (>= 1.580.1)
    jenkins-plugin-proxy-bouncycastle-api (2.18)
      jenkins-plugin-proxy-jenkins-core (>= 2.60.3)
    jenkins-plugin-proxy-branch-api (2.5.5)
      jenkins-plugin-proxy-cloudbees-folder (>= 6.9)
      jenkins-plugin-proxy-jenkins-core (>= 2.138.4)
      jenkins-plugin-proxy-scm-api (>= 2.4.1)
      jenkins-plugin-proxy-structs (>= 1.18)
    jenkins-plugin-proxy-build-timeout (1.19.1)
      jenkins-plugin-proxy-jenkins-core (>= 1.625.1)
      jenkins-plugin-proxy-token-macro (>= 1.5.1)
    jenkins-plugin-proxy-cloudbees-bitbucket-branch-source (2.7.0)
      jenkins-plugin-proxy-apache-httpcomponents-client-4-api (>= 4.5.10.1.0)
      jenkins-plugin-proxy-authentication-tokens (>= 1.3)
      jenkins-plugin-proxy-display-url-api (>= 2.3.2)
      jenkins-plugin-proxy-git (>= 3.12.1)
      jenkins-plugin-proxy-handy-uri-templates-2-api (>= 2.1.6.1.0)
      jenkins-plugin-proxy-jackson2-api (>= 2.10.0)
      jenkins-plugin-proxy-jenkins-core (>= 2.138.4)
      jenkins-plugin-proxy-mercurial (>= 2.8)
      jenkins-plugin-proxy-scm-api (>= 2.6.3)
      jenkins-plugin-proxy-structs (>= 1.20)
    jenkins-plugin-proxy-cloudbees-folder (6.11.1)
      jenkins-plugin-proxy-jenkins-core (>= 2.138.4)
    jenkins-plugin-proxy-configuration-as-code (1.36)
      jenkins-plugin-proxy-jenkins-core (>= 2.60.3)
    jenkins-plugin-proxy-credentials (2.3.3)
      jenkins-plugin-proxy-jenkins-core (>= 2.138.4)
      jenkins-plugin-proxy-structs (>= 1.20)
    jenkins-plugin-proxy-credentials-binding (1.20)
      jenkins-plugin-proxy-credentials (>= 2.2.0)
      jenkins-plugin-proxy-jenkins-core (>= 2.150.3)
      jenkins-plugin-proxy-plain-credentials (>= 1.3)
      jenkins-plugin-proxy-ssh-credentials (>= 1.17.1)
      jenkins-plugin-proxy-structs (>= 1.19)
      jenkins-plugin-proxy-workflow-step-api (>= 2.20)
    jenkins-plugin-proxy-display-url-api (2.3.2)
      jenkins-plugin-proxy-jenkins-core (>= 2.89.4)
    jenkins-plugin-proxy-docker-commons (1.16)
      jenkins-plugin-proxy-authentication-tokens (>= 1.3)
      jenkins-plugin-proxy-credentials (>= 2.1.18)
      jenkins-plugin-proxy-credentials-binding (>= 1.18)
      jenkins-plugin-proxy-jenkins-core (>= 2.150.1)
    jenkins-plugin-proxy-docker-workflow (1.22)
      jenkins-plugin-proxy-cloudbees-folder (>= 6.9)
      jenkins-plugin-proxy-docker-commons (>= 1.14)
      jenkins-plugin-proxy-jenkins-core (>= 2.150.3)
      jenkins-plugin-proxy-pipeline-model-extensions (>= 1.5.1)
      jenkins-plugin-proxy-workflow-basic-steps (>= 2.18)
      jenkins-plugin-proxy-workflow-cps (>= 2.76)
      jenkins-plugin-proxy-workflow-durable-task-step (>= 2.31)
      jenkins-plugin-proxy-workflow-step-api (>= 2.22)
    jenkins-plugin-proxy-durable-task (1.33)
      jenkins-plugin-proxy-jenkins-core (>= 2.150.1)
    jenkins-plugin-proxy-email-ext (2.69)
      jenkins-plugin-proxy-jenkins-core (>= 2.138.4)
      jenkins-plugin-proxy-junit (>= 1.2)
      jenkins-plugin-proxy-mailer (>= 1.13)
      jenkins-plugin-proxy-matrix-project (>= 1.4)
      jenkins-plugin-proxy-script-security (>= 1.54)
      jenkins-plugin-proxy-structs (>= 1.17)
      jenkins-plugin-proxy-token-macro (>= 2.3)
    jenkins-plugin-proxy-git (4.2.2)
      jenkins-plugin-proxy-credentials (>= 2.3.0)
      jenkins-plugin-proxy-git-client (>= 3.0.0)
      jenkins-plugin-proxy-jenkins-core (>= 2.138.4)
      jenkins-plugin-proxy-mailer (>= 1.23)
      jenkins-plugin-proxy-scm-api (>= 2.6.3)
      jenkins-plugin-proxy-script-security (>= 1.66)
      jenkins-plugin-proxy-ssh-credentials (>= 1.17.3)
      jenkins-plugin-proxy-structs (>= 1.20)
      jenkins-plugin-proxy-workflow-scm-step (>= 2.9)
      jenkins-plugin-proxy-workflow-step-api (>= 2.20)
    jenkins-plugin-proxy-git-client (3.2.1)
      jenkins-plugin-proxy-apache-httpcomponents-client-4-api (>= 4.5.10.2.0)
      jenkins-plugin-proxy-credentials (>= 2.3.0)
      jenkins-plugin-proxy-jenkins-core (>= 2.138.4)
      jenkins-plugin-proxy-jsch (>= 0.1.55.1)
      jenkins-plugin-proxy-script-security (>= 1.66)
      jenkins-plugin-proxy-ssh-credentials (>= 1.17.3)
      jenkins-plugin-proxy-structs (>= 1.20)
    jenkins-plugin-proxy-git-server (1.9)
      jenkins-plugin-proxy-git-client (>= 2.7.6)
      jenkins-plugin-proxy-jenkins-core (>= 2.138.4)
    jenkins-plugin-proxy-github (1.29.5)
      jenkins-plugin-proxy-credentials (>= 2.1.13)
      jenkins-plugin-proxy-display-url-api (>= 2.0)
      jenkins-plugin-proxy-git (>= 3.4.0)
      jenkins-plugin-proxy-github-api (>= 1.90)
      jenkins-plugin-proxy-jenkins-core (>= 2.60.3)
      jenkins-plugin-proxy-plain-credentials (>= 1.1)
      jenkins-plugin-proxy-scm-api (>= 2.2.0)
      jenkins-plugin-proxy-structs (>= 1.17)
      jenkins-plugin-proxy-token-macro (>= 1.12.1)
    jenkins-plugin-proxy-github-api (1.106)
      jenkins-plugin-proxy-jackson2-api (>= 2.10.2)
      jenkins-plugin-proxy-jenkins-core (>= 2.150.3)
    jenkins-plugin-proxy-github-branch-source (2.6.0)
      jenkins-plugin-proxy-credentials (>= 2.1.18)
      jenkins-plugin-proxy-display-url-api (>= 2.0)
      jenkins-plugin-proxy-git (>= 3.9.3)
      jenkins-plugin-proxy-github (>= 1.29.3)
      jenkins-plugin-proxy-github-api (>= 1.106)
      jenkins-plugin-proxy-jackson2-api (>= 2.10.2)
      jenkins-plugin-proxy-jenkins-core (>= 2.150.3)
      jenkins-plugin-proxy-scm-api (>= 2.6.3)
      jenkins-plugin-proxy-structs (>= 1.19)
    jenkins-plugin-proxy-google-compute-engine (4.2.0)
      jenkins-plugin-proxy-credentials (>= 2.2.0)
      jenkins-plugin-proxy-durable-task (>= 1.28)
      jenkins-plugin-proxy-google-oauth-plugin (>= 1.0.0)
      jenkins-plugin-proxy-jenkins-core (>= 2.138.4)
      jenkins-plugin-proxy-ssh-credentials (>= 1.17)
    jenkins-plugin-proxy-google-oauth-plugin (1.0.0)
      jenkins-plugin-proxy-credentials (>= 2.2.0)
      jenkins-plugin-proxy-jenkins-core (>= 2.138.4)
      jenkins-plugin-proxy-oauth-credentials (>= 0.3)
    jenkins-plugin-proxy-handlebars (1.1.1)
      jenkins-plugin-proxy-jenkins-core (>= 1.580.1)
    jenkins-plugin-proxy-handy-uri-templates-2-api (2.1.8.1.0)
      jenkins-plugin-proxy-jenkins-core (>= 1.625.3)
    jenkins-plugin-proxy-htmlpublisher (1.22)
      jenkins-plugin-proxy-jenkins-core (>= 2.150.3)
      jenkins-plugin-proxy-matrix-project (>= 1.0)
      jenkins-plugin-proxy-workflow-step-api (>= 2.20)
    jenkins-plugin-proxy-jackson2-api (2.10.3)
      jenkins-plugin-proxy-jenkins-core (>= 2.138.4)
    jenkins-plugin-proxy-jenkins-core (2.204.5)
    jenkins-plugin-proxy-jira (3.0.13)
      jenkins-plugin-proxy-apache-httpcomponents-client-4-api (>= 4.5.10.1.0)
      jenkins-plugin-proxy-branch-api (>= 2.0.0)
      jenkins-plugin-proxy-credentials (>= 2.1.19)
      jenkins-plugin-proxy-jackson2-api (>= 2.8.11.2)
      jenkins-plugin-proxy-jenkins-core (>= 2.60.3)
      jenkins-plugin-proxy-junit (>= 1.3)
      jenkins-plugin-proxy-mailer (>= 1.20)
      jenkins-plugin-proxy-matrix-project (>= 1.6)
      jenkins-plugin-proxy-script-security (>= 1.16)
      jenkins-plugin-proxy-structs (>= 1.7)
      jenkins-plugin-proxy-workflow-job (>= 2.0)
    jenkins-plugin-proxy-jquery-detached (1.2.1)
      jenkins-plugin-proxy-jenkins-core (>= 1.580.1)
    jenkins-plugin-proxy-jsch (0.1.55.2)
      jenkins-plugin-proxy-jenkins-core (>= 2.190.1)
      jenkins-plugin-proxy-ssh-credentials (>= 1.14)
      jenkins-plugin-proxy-trilead-api (>= 1.0.5)
    jenkins-plugin-proxy-junit (1.28)
      jenkins-plugin-proxy-jenkins-core (>= 2.138.4)
      jenkins-plugin-proxy-script-security (>= 1.56)
      jenkins-plugin-proxy-structs (>= 1.17)
      jenkins-plugin-proxy-workflow-api (>= 2.34)
      jenkins-plugin-proxy-workflow-step-api (>= 2.19)
    jenkins-plugin-proxy-lockable-resources (2.7)
      jenkins-plugin-proxy-jenkins-core (>= 2.60.3)
      jenkins-plugin-proxy-mailer (>= 1.13)
      jenkins-plugin-proxy-matrix-project (>= 1.4)
      jenkins-plugin-proxy-script-security (>= 1.33)
      jenkins-plugin-proxy-workflow-support (>= 2.12)
    jenkins-plugin-proxy-mailer (1.30)
      jenkins-plugin-proxy-display-url-api (>= 2.3.1)
      jenkins-plugin-proxy-jenkins-core (>= 2.150.1)
    jenkins-plugin-proxy-matrix-auth (2.5)
      jenkins-plugin-proxy-jenkins-core (>= 2.138.4)
    jenkins-plugin-proxy-matrix-project (1.14)
      jenkins-plugin-proxy-jenkins-core (>= 2.7.3)
      jenkins-plugin-proxy-junit (>= 1.20)
      jenkins-plugin-proxy-script-security (>= 1.54)
    jenkins-plugin-proxy-mercurial (2.8)
      jenkins-plugin-proxy-credentials (>= 2.2.0)
      jenkins-plugin-proxy-jenkins-core (>= 2.138.4)
      jenkins-plugin-proxy-jsch (>= 0.1.54.1)
      jenkins-plugin-proxy-matrix-project (>= 1.14)
      jenkins-plugin-proxy-scm-api (>= 2.6.3)
      jenkins-plugin-proxy-ssh-credentials (>= 1.17.1)
    jenkins-plugin-proxy-momentjs (1.1.1)
      jenkins-plugin-proxy-jenkins-core (>= 1.580.1)
    jenkins-plugin-proxy-oauth-credentials (0.4)
      jenkins-plugin-proxy-credentials (>= 2.3.0)
      jenkins-plugin-proxy-jenkins-core (>= 2.138.4)
    jenkins-plugin-proxy-pipeline-build-step (2.11)
      jenkins-plugin-proxy-jenkins-core (>= 2.138.4)
      jenkins-plugin-proxy-script-security (>= 1.50)
      jenkins-plugin-proxy-workflow-api (>= 2.33)
      jenkins-plugin-proxy-workflow-step-api (>= 2.22)
      jenkins-plugin-proxy-workflow-support (>= 3.1)
    jenkins-plugin-proxy-pipeline-graph-analysis (1.10)
      jenkins-plugin-proxy-jenkins-core (>= 2.138.4)
      jenkins-plugin-proxy-pipeline-input-step (>= 2.8)
      jenkins-plugin-proxy-pipeline-stage-step (>= 2.3)
      jenkins-plugin-proxy-scm-api (>= 2.2.7)
      jenkins-plugin-proxy-structs (>= 1.17)
      jenkins-plugin-proxy-workflow-api (>= 2.34)
      jenkins-plugin-proxy-workflow-cps (>= 2.65)
      jenkins-plugin-proxy-workflow-job (>= 2.32)
      jenkins-plugin-proxy-workflow-step-api (>= 2.19)
      jenkins-plugin-proxy-workflow-support (>= 3.2)
    jenkins-plugin-proxy-pipeline-input-step (2.11)
      jenkins-plugin-proxy-credentials (>= 2.3.0)
      jenkins-plugin-proxy-jenkins-core (>= 2.138.4)
      jenkins-plugin-proxy-workflow-api (>= 2.35)
      jenkins-plugin-proxy-workflow-step-api (>= 2.20)
      jenkins-plugin-proxy-workflow-support (>= 3.3)
    jenkins-plugin-proxy-pipeline-milestone-step (1.3.1)
      jenkins-plugin-proxy-jenkins-core (>= 1.642.3)
      jenkins-plugin-proxy-workflow-api (>= 2.11)
      jenkins-plugin-proxy-workflow-step-api (>= 2.9)
    jenkins-plugin-proxy-pipeline-model-api (1.6.0)
      jenkins-plugin-proxy-jackson2-api (>= 2.9.8)
      jenkins-plugin-proxy-jenkins-core (>= 2.150.3)
      jenkins-plugin-proxy-structs (>= 1.20)
      jenkins-plugin-proxy-workflow-step-api (>= 2.22)
    jenkins-plugin-proxy-pipeline-model-declarative-agent (1.1.1)
      jenkins-plugin-proxy-jenkins-core (>= 2.7.1)
      jenkins-plugin-proxy-pipeline-model-extensions (>= 1.1.1)
    jenkins-plugin-proxy-pipeline-model-definition (1.6.0)
      jenkins-plugin-proxy-credentials (>= 2.1.16)
      jenkins-plugin-proxy-credentials-binding (>= 1.13)
      jenkins-plugin-proxy-docker-workflow (>= 1.22)
      jenkins-plugin-proxy-git-client (>= 2.7.0)
      jenkins-plugin-proxy-jenkins-core (>= 2.150.3)
      jenkins-plugin-proxy-mailer (>= 1.20)
      jenkins-plugin-proxy-pipeline-input-step (>= 2.8)
      jenkins-plugin-proxy-pipeline-model-api (>= 1.6.0)
      jenkins-plugin-proxy-pipeline-model-declarative-agent (>= 1.1.1)
      jenkins-plugin-proxy-pipeline-model-extensions (>= 1.6.0)
      jenkins-plugin-proxy-pipeline-stage-step (>= 2.3)
      jenkins-plugin-proxy-pipeline-stage-tags-metadata (>= 1.6.0)
      jenkins-plugin-proxy-scm-api (>= 2.4.1)
      jenkins-plugin-proxy-workflow-api (>= 2.36)
      jenkins-plugin-proxy-workflow-basic-steps (>= 2.18)
      jenkins-plugin-proxy-workflow-cps (>= 2.76)
      jenkins-plugin-proxy-workflow-cps-global-lib (>= 2.9)
      jenkins-plugin-proxy-workflow-durable-task-step (>= 2.31)
      jenkins-plugin-proxy-workflow-multibranch (>= 2.16)
      jenkins-plugin-proxy-workflow-scm-step (>= 2.9)
      jenkins-plugin-proxy-workflow-support (>= 3.3)
    jenkins-plugin-proxy-pipeline-model-extensions (1.6.0)
      jenkins-plugin-proxy-credentials (>= 2.1.16)
      jenkins-plugin-proxy-credentials-binding (>= 1.13)
      jenkins-plugin-proxy-jenkins-core (>= 2.150.3)
      jenkins-plugin-proxy-pipeline-model-api (>= 1.6.0)
      jenkins-plugin-proxy-pipeline-stage-step (>= 2.3)
      jenkins-plugin-proxy-workflow-cps (>= 2.76)
      jenkins-plugin-proxy-workflow-job (>= 2.33)
    jenkins-plugin-proxy-pipeline-rest-api (2.13)
      jenkins-plugin-proxy-jackson2-api (>= 2.9.9.1)
      jenkins-plugin-proxy-jenkins-core (>= 2.60.3)
      jenkins-plugin-proxy-pipeline-graph-analysis (>= 1.4)
      jenkins-plugin-proxy-pipeline-input-step (>= 2.8)
      jenkins-plugin-proxy-pipeline-stage-step (>= 2.3)
      jenkins-plugin-proxy-workflow-api (>= 2.24)
      jenkins-plugin-proxy-workflow-job (>= 2.12)
      jenkins-plugin-proxy-workflow-step-api (>= 2.14)
      jenkins-plugin-proxy-workflow-support (>= 2.14)
    jenkins-plugin-proxy-pipeline-stage-step (2.3)
      jenkins-plugin-proxy-jenkins-core (>= 1.642.3)
      jenkins-plugin-proxy-scm-api (>= 2.0.7)
      jenkins-plugin-proxy-structs (>= 1.6)
      jenkins-plugin-proxy-workflow-api (>= 2.15)
      jenkins-plugin-proxy-workflow-step-api (>= 2.11)
    jenkins-plugin-proxy-pipeline-stage-tags-metadata (1.6.0)
      jenkins-plugin-proxy-jenkins-core (>= 2.150.3)
      jenkins-plugin-proxy-workflow-api (>= 2.36)
    jenkins-plugin-proxy-pipeline-stage-view (2.13)
      jenkins-plugin-proxy-handlebars (>= 1.1.1)
      jenkins-plugin-proxy-jenkins-core (>= 2.60.3)
      jenkins-plugin-proxy-jquery-detached (>= 1.2.1)
      jenkins-plugin-proxy-momentjs (>= 1.1)
      jenkins-plugin-proxy-pipeline-rest-api (>= 2.13)
      jenkins-plugin-proxy-workflow-api (>= 2.24)
      jenkins-plugin-proxy-workflow-job (>= 2.12)
    jenkins-plugin-proxy-plain-credentials (1.7)
      jenkins-plugin-proxy-credentials (>= 2.2.0)
      jenkins-plugin-proxy-jenkins-core (>= 2.138.4)
    jenkins-plugin-proxy-resource-disposer (0.14)
      jenkins-plugin-proxy-jenkins-core (>= 2.54)
    jenkins-plugin-proxy-role-strategy (2.16)
      jenkins-plugin-proxy-jenkins-core (>= 2.60.3)
      jenkins-plugin-proxy-matrix-auth (>= 2.2)
    jenkins-plugin-proxy-saml (1.1.4)
      jenkins-plugin-proxy-bouncycastle-api (>= 2.17)
      jenkins-plugin-proxy-jenkins-core (>= 2.164.1)
      jenkins-plugin-proxy-mailer (>= 1.24)
    jenkins-plugin-proxy-scm-api (2.6.3)
      jenkins-plugin-proxy-jenkins-core (>= 2.107.3)
      jenkins-plugin-proxy-structs (>= 1.9)
    jenkins-plugin-proxy-script-security (1.71)
      jenkins-plugin-proxy-jenkins-core (>= 2.60.3)
    jenkins-plugin-proxy-ssh-agent (1.17)
      jenkins-plugin-proxy-bouncycastle-api (>= 2.16.3)
      jenkins-plugin-proxy-credentials (>= 2.1.17)
      jenkins-plugin-proxy-jenkins-core (>= 2.60.3)
      jenkins-plugin-proxy-ssh-credentials (>= 1.14)
      jenkins-plugin-proxy-workflow-step-api (>= 2.16)
    jenkins-plugin-proxy-ssh-credentials (1.18.1)
      jenkins-plugin-proxy-credentials (>= 2.2.0)
      jenkins-plugin-proxy-jenkins-core (>= 2.190.1)
      jenkins-plugin-proxy-trilead-api (>= 1.0.5)
    jenkins-plugin-proxy-structs (1.20)
      jenkins-plugin-proxy-jenkins-core (>= 2.107.3)
    jenkins-plugin-proxy-timestamper (1.11.2)
      jenkins-plugin-proxy-jenkins-core (>= 2.150.3)
      jenkins-plugin-proxy-workflow-api (>= 2.39)
      jenkins-plugin-proxy-workflow-step-api (>= 2.19)
    jenkins-plugin-proxy-token-macro (2.12)
      jenkins-plugin-proxy-jenkins-core (>= 2.121.3)
      jenkins-plugin-proxy-structs (>= 1.14)
      jenkins-plugin-proxy-workflow-step-api (>= 2.14)
    jenkins-plugin-proxy-trilead-api (1.0.5)
      jenkins-plugin-proxy-jenkins-core (>= 2.184)
    jenkins-plugin-proxy-workflow-aggregator (2.6)
      jenkins-plugin-proxy-cloudbees-folder (>= 6.6)
      jenkins-plugin-proxy-credentials (>= 2.1.18)
      jenkins-plugin-proxy-git-client (>= 2.7.3)
      jenkins-plugin-proxy-jackson2-api (>= 2.8.11.3)
      jenkins-plugin-proxy-jenkins-core (>= 2.130)
      jenkins-plugin-proxy-lockable-resources (>= 2.3)
      jenkins-plugin-proxy-pipeline-build-step (>= 2.7)
      jenkins-plugin-proxy-pipeline-input-step (>= 2.8)
      jenkins-plugin-proxy-pipeline-milestone-step (>= 1.3.1)
      jenkins-plugin-proxy-pipeline-model-definition (>= 1.3.2)
      jenkins-plugin-proxy-pipeline-stage-step (>= 2.3)
      jenkins-plugin-proxy-pipeline-stage-view (>= 2.10)
      jenkins-plugin-proxy-scm-api (>= 2.2.8)
      jenkins-plugin-proxy-structs (>= 1.15)
      jenkins-plugin-proxy-workflow-api (>= 2.29)
      jenkins-plugin-proxy-workflow-basic-steps (>= 2.11)
      jenkins-plugin-proxy-workflow-cps (>= 2.56)
      jenkins-plugin-proxy-workflow-cps-global-lib (>= 2.11)
      jenkins-plugin-proxy-workflow-durable-task-step (>= 2.22)
      jenkins-plugin-proxy-workflow-job (>= 2.25)
      jenkins-plugin-proxy-workflow-multibranch (>= 2.20)
      jenkins-plugin-proxy-workflow-scm-step (>= 2.6)
      jenkins-plugin-proxy-workflow-step-api (>= 2.16)
      jenkins-plugin-proxy-workflow-support (>= 2.20)
    jenkins-plugin-proxy-workflow-api (2.40)
      jenkins-plugin-proxy-jenkins-core (>= 2.150.3)
      jenkins-plugin-proxy-scm-api (>= 2.2.6)
      jenkins-plugin-proxy-structs (>= 1.17)
      jenkins-plugin-proxy-workflow-step-api (>= 2.16)
    jenkins-plugin-proxy-workflow-basic-steps (2.19)
      jenkins-plugin-proxy-apache-httpcomponents-client-4-api (>= 4.5.5.3.0)
      jenkins-plugin-proxy-jenkins-core (>= 2.150.1)
      jenkins-plugin-proxy-mailer (>= 1.18)
      jenkins-plugin-proxy-structs (>= 1.20)
      jenkins-plugin-proxy-workflow-api (>= 2.34)
      jenkins-plugin-proxy-workflow-durable-task-step (>= 2.31)
      jenkins-plugin-proxy-workflow-step-api (>= 2.22)
    jenkins-plugin-proxy-workflow-cps (2.80)
      jenkins-plugin-proxy-ace-editor (>= 1.0.1)
      jenkins-plugin-proxy-jenkins-core (>= 2.138.4)
      jenkins-plugin-proxy-jquery-detached (>= 1.2.1)
      jenkins-plugin-proxy-scm-api (>= 2.2.6)
      jenkins-plugin-proxy-script-security (>= 1.63)
      jenkins-plugin-proxy-structs (>= 1.20)
      jenkins-plugin-proxy-workflow-api (>= 2.36)
      jenkins-plugin-proxy-workflow-scm-step (>= 2.4)
      jenkins-plugin-proxy-workflow-step-api (>= 2.21)
      jenkins-plugin-proxy-workflow-support (>= 3.3)
    jenkins-plugin-proxy-workflow-cps-global-lib (2.15)
      jenkins-plugin-proxy-cloudbees-folder (>= 6.1.2)
      jenkins-plugin-proxy-credentials (>= 2.1.18)
      jenkins-plugin-proxy-git-server (>= 1.7)
      jenkins-plugin-proxy-jenkins-core (>= 2.138.4)
      jenkins-plugin-proxy-scm-api (>= 2.6.3)
      jenkins-plugin-proxy-script-security (>= 1.60)
      jenkins-plugin-proxy-structs (>= 1.19)
      jenkins-plugin-proxy-workflow-api (>= 2.33)
      jenkins-plugin-proxy-workflow-cps (>= 2.71)
      jenkins-plugin-proxy-workflow-scm-step (>= 2.7)
      jenkins-plugin-proxy-workflow-step-api (>= 2.20)
      jenkins-plugin-proxy-workflow-support (>= 3.3)
    jenkins-plugin-proxy-workflow-durable-task-step (2.35)
      jenkins-plugin-proxy-durable-task (>= 1.33)
      jenkins-plugin-proxy-jenkins-core (>= 2.176.1)
      jenkins-plugin-proxy-scm-api (>= 2.2.6)
      jenkins-plugin-proxy-script-security (>= 1.58)
      jenkins-plugin-proxy-structs (>= 1.18)
      jenkins-plugin-proxy-workflow-api (>= 2.33)
      jenkins-plugin-proxy-workflow-step-api (>= 2.20)
      jenkins-plugin-proxy-workflow-support (>= 3.3)
    jenkins-plugin-proxy-workflow-job (2.37)
      jenkins-plugin-proxy-jenkins-core (>= 2.138.4)
      jenkins-plugin-proxy-workflow-api (>= 2.36)
      jenkins-plugin-proxy-workflow-step-api (>= 2.20)
      jenkins-plugin-proxy-workflow-support (>= 3.3)
    jenkins-plugin-proxy-workflow-multibranch (2.21)
      jenkins-plugin-proxy-branch-api (>= 2.0.21)
      jenkins-plugin-proxy-cloudbees-folder (>= 6.1.2)
      jenkins-plugin-proxy-jenkins-core (>= 2.121.1)
      jenkins-plugin-proxy-scm-api (>= 2.2.7)
      jenkins-plugin-proxy-script-security (>= 1.42)
      jenkins-plugin-proxy-structs (>= 1.17)
      jenkins-plugin-proxy-workflow-api (>= 2.27)
      jenkins-plugin-proxy-workflow-cps (>= 2.53)
      jenkins-plugin-proxy-workflow-job (>= 2.21)
      jenkins-plugin-proxy-workflow-scm-step (>= 2.4)
      jenkins-plugin-proxy-workflow-step-api (>= 2.13)
      jenkins-plugin-proxy-workflow-support (>= 2.17)
    jenkins-plugin-proxy-workflow-scm-step (2.10)
      jenkins-plugin-proxy-jenkins-core (>= 2.60)
      jenkins-plugin-proxy-workflow-step-api (>= 2.9)
    jenkins-plugin-proxy-workflow-step-api (2.22)
      jenkins-plugin-proxy-jenkins-core (>= 2.138.4)
      jenkins-plugin-proxy-structs (>= 1.20)
    jenkins-plugin-proxy-workflow-support (3.4)
      jenkins-plugin-proxy-jenkins-core (>= 2.138.4)
      jenkins-plugin-proxy-scm-api (>= 2.2.6)
      jenkins-plugin-proxy-script-security (>= 1.39)
      jenkins-plugin-proxy-workflow-api (>= 2.36)
      jenkins-plugin-proxy-workflow-step-api (>= 2.20)
    jenkins-plugin-proxy-ws-cleanup (0.38)
      jenkins-plugin-proxy-jenkins-core (>= 2.121)
      jenkins-plugin-proxy-matrix-project (>= 1.12)
      jenkins-plugin-proxy-resource-disposer (>= 0.3)
      jenkins-plugin-proxy-script-security (>= 1.54)
      jenkins-plugin-proxy-structs (>= 1.19)
      jenkins-plugin-proxy-workflow-durable-task-step (>= 2.4)

PLATFORMS
  ruby

DEPENDENCIES
  jenkins-plugin-proxy-antisamy-markup-formatter (~> 1.8)
  jenkins-plugin-proxy-build-timeout (= 1.19.1)
  jenkins-plugin-proxy-cloudbees-bitbucket-branch-source (= 2.7.0)
  jenkins-plugin-proxy-configuration-as-code (~> 1.3)
  jenkins-plugin-proxy-credentials (= 2.3.3)
  jenkins-plugin-proxy-credentials-binding (= 1.20)
  jenkins-plugin-proxy-docker-workflow (= 1.22)
  jenkins-plugin-proxy-email-ext (= 2.69)
  jenkins-plugin-proxy-git (~> 4.2)
  jenkins-plugin-proxy-github-branch-source (~> 2.5)
  jenkins-plugin-proxy-google-compute-engine (~> 4.2)
  jenkins-plugin-proxy-htmlpublisher (= 1.22)
  jenkins-plugin-proxy-jenkins-core (= 2.204.5)
  jenkins-plugin-proxy-jira (~> 3.0)
  jenkins-plugin-proxy-lockable-resources (= 2.7)
  jenkins-plugin-proxy-role-strategy (= 2.16)
  jenkins-plugin-proxy-saml (= 1.1.4)
  jenkins-plugin-proxy-ssh-agent (= 1.17)
  jenkins-plugin-proxy-timestamper (~> 1.10)
  jenkins-plugin-proxy-workflow-aggregator (= 2.6)
  jenkins-plugin-proxy-ws-cleanup (= 0.38)

BUNDLED WITH
   2.1.2
