GEM
  remote: https://repo.fury.io/wied03/
  specs:
    jenkins-plugin-proxy-ace-editor (1.1)
      jenkins-plugin-proxy-jenkins-core (>= 1.580.1)
    jenkins-plugin-proxy-antisamy-markup-formatter (1.5)
      jenkins-plugin-proxy-jenkins-core (>= 1.565.3)
    jenkins-plugin-proxy-apache-httpcomponents-client-4-api (4.5.3.2.1)
      jenkins-plugin-proxy-jenkins-core (>= 1.625.3)
    jenkins-plugin-proxy-authentication-tokens (1.3)
      jenkins-plugin-proxy-credentials (>= 1.22)
      jenkins-plugin-proxy-jenkins-core (>= 1.580.1)
    jenkins-plugin-proxy-aws-credentials (1.23)
      jenkins-plugin-proxy-aws-java-sdk (>= 1.10.16)
      jenkins-plugin-proxy-credentials (>= 2.1.16)
      jenkins-plugin-proxy-credentials-binding (>= 1.7)
      jenkins-plugin-proxy-jenkins-core (>= 1.625.1)
    jenkins-plugin-proxy-aws-java-sdk (1.11.264)
      jenkins-plugin-proxy-apache-httpcomponents-client-4-api (>= 4.5.3.2.0)
      jenkins-plugin-proxy-jackson2-api (>= 2.7.0)
      jenkins-plugin-proxy-jenkins-core (>= 1.625.1)
    jenkins-plugin-proxy-bouncycastle-api (2.16.2)
      jenkins-plugin-proxy-jenkins-core (>= 2.16)
    jenkins-plugin-proxy-branch-api (2.0.18)
      jenkins-plugin-proxy-cloudbees-folder (>= 6.1.0)
      jenkins-plugin-proxy-jenkins-core (>= 1.642.3)
      jenkins-plugin-proxy-scm-api (>= 2.2.6)
      jenkins-plugin-proxy-structs (>= 1.9)
    jenkins-plugin-proxy-build-timeout (1.19)
      jenkins-plugin-proxy-jenkins-core (>= 1.625.1)
      jenkins-plugin-proxy-token-macro (>= 1.5.1)
    jenkins-plugin-proxy-cloudbees-bitbucket-branch-source (2.2.10)
      jenkins-plugin-proxy-apache-httpcomponents-client-4-api (>= 4.5.3.2.0)
      jenkins-plugin-proxy-display-url-api (>= 0.2)
      jenkins-plugin-proxy-git (>= 3.5.0)
      jenkins-plugin-proxy-handy-uri-templates-2-api (>= 2.1.6.1.0)
      jenkins-plugin-proxy-jenkins-core (>= 1.642.3)
      jenkins-plugin-proxy-mercurial (>= 2.0)
      jenkins-plugin-proxy-scm-api (>= 2.2.0)
      jenkins-plugin-proxy-structs (>= 1.9)
    jenkins-plugin-proxy-cloudbees-folder (6.3)
      jenkins-plugin-proxy-jenkins-core (>= 2.60.3)
    jenkins-plugin-proxy-credentials (2.1.16)
      jenkins-plugin-proxy-jenkins-core (>= 1.625.3)
      jenkins-plugin-proxy-structs (>= 1.7)
    jenkins-plugin-proxy-credentials-binding (1.15)
      jenkins-plugin-proxy-credentials (>= 2.1.7)
      jenkins-plugin-proxy-jenkins-core (>= 2.7.3)
      jenkins-plugin-proxy-plain-credentials (>= 1.3)
      jenkins-plugin-proxy-ssh-credentials (>= 1.11)
      jenkins-plugin-proxy-structs (>= 1.7)
      jenkins-plugin-proxy-workflow-step-api (>= 2.10)
    jenkins-plugin-proxy-display-url-api (2.2.0)
      jenkins-plugin-proxy-jenkins-core (>= 1.609.3)
    jenkins-plugin-proxy-docker-commons (1.11)
      jenkins-plugin-proxy-authentication-tokens (>= 1.1)
      jenkins-plugin-proxy-credentials (>= 2.1.11)
      jenkins-plugin-proxy-credentials-binding (>= 1.12)
      jenkins-plugin-proxy-jenkins-core (>= 1.642.4)
    jenkins-plugin-proxy-docker-workflow (1.15.1)
      jenkins-plugin-proxy-docker-commons (>= 1.5)
      jenkins-plugin-proxy-jenkins-core (>= 1.642.3)
      jenkins-plugin-proxy-workflow-cps (>= 2.25)
      jenkins-plugin-proxy-workflow-durable-task-step (>= 2.8)
    jenkins-plugin-proxy-durable-task (1.22)
      jenkins-plugin-proxy-jenkins-core (>= 2.7.3)
    jenkins-plugin-proxy-ec2 (1.39)
      jenkins-plugin-proxy-aws-credentials (>= 1.11)
      jenkins-plugin-proxy-aws-java-sdk (>= 1.11.119)
      jenkins-plugin-proxy-bouncycastle-api (>= 1.648.3)
      jenkins-plugin-proxy-jenkins-core (>= 1.651.3)
      jenkins-plugin-proxy-node-iterator-api (>= 1.5)
      jenkins-plugin-proxy-workflow-cps (>= 2.25)
      jenkins-plugin-proxy-workflow-durable-task-step (>= 2.8)
      jenkins-plugin-proxy-workflow-step-api (>= 2.9)
    jenkins-plugin-proxy-email-ext (2.61)
      jenkins-plugin-proxy-jenkins-core (>= 2.0)
      jenkins-plugin-proxy-junit (>= 1.2)
      jenkins-plugin-proxy-mailer (>= 1.13)
      jenkins-plugin-proxy-matrix-project (>= 1.4)
      jenkins-plugin-proxy-script-security (>= 1.27)
      jenkins-plugin-proxy-structs (>= 1.6)
      jenkins-plugin-proxy-token-macro (>= 2.0)
    jenkins-plugin-proxy-git (3.8.0)
      jenkins-plugin-proxy-credentials (>= 2.1.14)
      jenkins-plugin-proxy-git-client (>= 2.7.0)
      jenkins-plugin-proxy-jenkins-core (>= 1.625.3)
      jenkins-plugin-proxy-mailer (>= 1.18)
      jenkins-plugin-proxy-matrix-project (>= 1.12)
      jenkins-plugin-proxy-scm-api (>= 2.2.0)
      jenkins-plugin-proxy-ssh-credentials (>= 1.13)
      jenkins-plugin-proxy-structs (>= 1.10)
      jenkins-plugin-proxy-workflow-scm-step (>= 1.14.2)
    jenkins-plugin-proxy-git-client (2.7.1)
      jenkins-plugin-proxy-apache-httpcomponents-client-4-api (>= 4.5.3.2.0)
      jenkins-plugin-proxy-credentials (>= 2.1.13)
      jenkins-plugin-proxy-jenkins-core (>= 1.625.3)
      jenkins-plugin-proxy-jsch (>= 0.1.54.1)
      jenkins-plugin-proxy-ssh-credentials (>= 1.13)
      jenkins-plugin-proxy-structs (>= 1.9)
    jenkins-plugin-proxy-git-server (1.7)
      jenkins-plugin-proxy-git-client (>= 1.11.0)
      jenkins-plugin-proxy-jenkins-core (>= 1.580.1)
    jenkins-plugin-proxy-handlebars (1.1.1)
      jenkins-plugin-proxy-jenkins-core (>= 1.580.1)
    jenkins-plugin-proxy-handy-uri-templates-2-api (2.1.6.1.0)
      jenkins-plugin-proxy-jenkins-core (>= 1.625.3)
    jenkins-plugin-proxy-htmlpublisher (1.14)
      jenkins-plugin-proxy-jenkins-core (>= 1.609.3)
      jenkins-plugin-proxy-matrix-project (>= 1.0)
      jenkins-plugin-proxy-workflow-step-api (>= 1.14.2)
    jenkins-plugin-proxy-jackson2-api (2.8.11.1)
      jenkins-plugin-proxy-jenkins-core (>= 2.60.3)
    jenkins-plugin-proxy-jenkins-core (2.107.1)
    jenkins-plugin-proxy-jira (2.4.2)
      jenkins-plugin-proxy-branch-api (>= 2.0.0)
      jenkins-plugin-proxy-jenkins-core (>= 1.642.3)
      jenkins-plugin-proxy-mailer (>= 1.20)
      jenkins-plugin-proxy-matrix-project (>= 1.6)
      jenkins-plugin-proxy-workflow-job (>= 2.0)
    jenkins-plugin-proxy-jquery-detached (1.2.1)
      jenkins-plugin-proxy-jenkins-core (>= 1.580.1)
    jenkins-plugin-proxy-jsch (0.1.54.2)
      jenkins-plugin-proxy-jenkins-core (>= 1.625.3)
      jenkins-plugin-proxy-ssh-credentials (>= 1.13)
    jenkins-plugin-proxy-junit (1.24)
      jenkins-plugin-proxy-jenkins-core (>= 2.7.3)
      jenkins-plugin-proxy-script-security (>= 1.30)
      jenkins-plugin-proxy-structs (>= 1.7)
      jenkins-plugin-proxy-workflow-api (>= 2.22)
      jenkins-plugin-proxy-workflow-step-api (>= 2.12)
    jenkins-plugin-proxy-lockable-resources (2.2)
      jenkins-plugin-proxy-jenkins-core (>= 1.609.1)
      jenkins-plugin-proxy-mailer (>= 1.5)
      jenkins-plugin-proxy-matrix-project (>= 1.4)
      jenkins-plugin-proxy-script-security (>= 1.26)
      jenkins-plugin-proxy-workflow-step-api (>= 1.14)
      jenkins-plugin-proxy-workflow-support (>= 1.14)
    jenkins-plugin-proxy-mailer (1.20)
      jenkins-plugin-proxy-display-url-api (>= 1.0)
      jenkins-plugin-proxy-jenkins-core (>= 1.625.3)
    jenkins-plugin-proxy-matrix-auth (2.2)
      jenkins-plugin-proxy-jenkins-core (>= 2.60.1)
    jenkins-plugin-proxy-matrix-project (1.12)
      jenkins-plugin-proxy-jenkins-core (>= 1.609)
      jenkins-plugin-proxy-junit (>= 1.20)
      jenkins-plugin-proxy-script-security (>= 1.13)
    jenkins-plugin-proxy-mercurial (2.3)
      jenkins-plugin-proxy-credentials (>= 2.1.10)
      jenkins-plugin-proxy-jenkins-core (>= 2.7.3)
      jenkins-plugin-proxy-jsch (>= 0.1.54.1)
      jenkins-plugin-proxy-matrix-project (>= 1.2)
      jenkins-plugin-proxy-scm-api (>= 2.2.0)
      jenkins-plugin-proxy-ssh-credentials (>= 1.12)
      jenkins-plugin-proxy-structs (>= 1.9)
    jenkins-plugin-proxy-momentjs (1.1.1)
      jenkins-plugin-proxy-jenkins-core (>= 1.580.1)
    jenkins-plugin-proxy-node-iterator-api (1.5.0)
      jenkins-plugin-proxy-jenkins-core (>= 1.625.3)
    jenkins-plugin-proxy-pipeline-build-step (2.7)
      jenkins-plugin-proxy-jenkins-core (>= 2.32.2)
      jenkins-plugin-proxy-script-security (>= 1.39)
      jenkins-plugin-proxy-workflow-api (>= 2.22)
      jenkins-plugin-proxy-workflow-step-api (>= 2.14)
      jenkins-plugin-proxy-workflow-support (>= 2.14)
    jenkins-plugin-proxy-pipeline-graph-analysis (1.6)
      jenkins-plugin-proxy-jenkins-core (>= 2.7.3)
      jenkins-plugin-proxy-pipeline-input-step (>= 2.0)
      jenkins-plugin-proxy-pipeline-stage-step (>= 2.2)
      jenkins-plugin-proxy-structs (>= 1.7)
      jenkins-plugin-proxy-workflow-api (>= 2.19)
      jenkins-plugin-proxy-workflow-cps (>= 2.37)
      jenkins-plugin-proxy-workflow-job (>= 2.4)
      jenkins-plugin-proxy-workflow-step-api (>= 2.10)
      jenkins-plugin-proxy-workflow-support (>= 2.14)
    jenkins-plugin-proxy-pipeline-input-step (2.8)
      jenkins-plugin-proxy-jenkins-core (>= 1.642.4)
      jenkins-plugin-proxy-workflow-api (>= 2.6)
      jenkins-plugin-proxy-workflow-step-api (>= 2.5)
      jenkins-plugin-proxy-workflow-support (>= 2.10)
    jenkins-plugin-proxy-pipeline-milestone-step (1.3.1)
      jenkins-plugin-proxy-jenkins-core (>= 1.642.3)
      jenkins-plugin-proxy-workflow-api (>= 2.11)
      jenkins-plugin-proxy-workflow-step-api (>= 2.9)
    jenkins-plugin-proxy-pipeline-model-api (1.2.7)
      jenkins-plugin-proxy-jenkins-core (>= 2.7.3)
      jenkins-plugin-proxy-structs (>= 1.9)
      jenkins-plugin-proxy-workflow-step-api (>= 2.14)
    jenkins-plugin-proxy-pipeline-model-declarative-agent (1.1.1)
      jenkins-plugin-proxy-jenkins-core (>= 2.7.1)
      jenkins-plugin-proxy-pipeline-model-extensions (>= 1.1.1)
    jenkins-plugin-proxy-pipeline-model-definition (1.2.7)
      jenkins-plugin-proxy-credentials (>= 2.1.13)
      jenkins-plugin-proxy-credentials-binding (>= 1.13)
      jenkins-plugin-proxy-docker-workflow (>= 1.9)
      jenkins-plugin-proxy-git-client (>= 2.5.0)
      jenkins-plugin-proxy-jenkins-core (>= 2.7.3)
      jenkins-plugin-proxy-mailer (>= 1.18)
      jenkins-plugin-proxy-pipeline-input-step (>= 2.8)
      jenkins-plugin-proxy-pipeline-model-api (>= 1.2.7)
      jenkins-plugin-proxy-pipeline-model-declarative-agent (>= 1.1.1)
      jenkins-plugin-proxy-pipeline-model-extensions (>= 1.2.7)
      jenkins-plugin-proxy-pipeline-stage-step (>= 2.2)
      jenkins-plugin-proxy-pipeline-stage-tags-metadata (>= 1.2.7)
      jenkins-plugin-proxy-scm-api (>= 2.2.2)
      jenkins-plugin-proxy-workflow-api (>= 2.22)
      jenkins-plugin-proxy-workflow-basic-steps (>= 2.3)
      jenkins-plugin-proxy-workflow-cps (>= 2.41)
      jenkins-plugin-proxy-workflow-cps-global-lib (>= 2.7)
      jenkins-plugin-proxy-workflow-durable-task-step (>= 2.9)
      jenkins-plugin-proxy-workflow-multibranch (>= 2.9.2)
      jenkins-plugin-proxy-workflow-scm-step (>= 2.4)
      jenkins-plugin-proxy-workflow-support (>= 2.14)
    jenkins-plugin-proxy-pipeline-model-extensions (1.2.7)
      jenkins-plugin-proxy-jenkins-core (>= 2.7.3)
      jenkins-plugin-proxy-pipeline-model-api (>= 1.2.7)
      jenkins-plugin-proxy-workflow-cps (>= 2.41)
      jenkins-plugin-proxy-workflow-job (>= 2.11)
    jenkins-plugin-proxy-pipeline-rest-api (2.9)
      jenkins-plugin-proxy-jackson2-api (>= 2.7.3)
      jenkins-plugin-proxy-jenkins-core (>= 1.642.3)
      jenkins-plugin-proxy-pipeline-graph-analysis (>= 1.1)
      jenkins-plugin-proxy-pipeline-input-step (>= 2.0)
      jenkins-plugin-proxy-pipeline-stage-step (>= 2.2)
      jenkins-plugin-proxy-workflow-api (>= 2.15)
      jenkins-plugin-proxy-workflow-job (>= 2.0)
      jenkins-plugin-proxy-workflow-step-api (>= 2.10)
      jenkins-plugin-proxy-workflow-support (>= 2.14)
    jenkins-plugin-proxy-pipeline-stage-step (2.3)
      jenkins-plugin-proxy-jenkins-core (>= 1.642.3)
      jenkins-plugin-proxy-scm-api (>= 2.0.7)
      jenkins-plugin-proxy-structs (>= 1.6)
      jenkins-plugin-proxy-workflow-api (>= 2.15)
      jenkins-plugin-proxy-workflow-step-api (>= 2.11)
    jenkins-plugin-proxy-pipeline-stage-tags-metadata (1.2.7)
      jenkins-plugin-proxy-jenkins-core (>= 2.7.3)
    jenkins-plugin-proxy-pipeline-stage-view (2.9)
      jenkins-plugin-proxy-handlebars (>= 1.1)
      jenkins-plugin-proxy-jenkins-core (>= 1.642.3)
      jenkins-plugin-proxy-jquery-detached (>= 1.2.1)
      jenkins-plugin-proxy-momentjs (>= 1.1)
      jenkins-plugin-proxy-pipeline-rest-api (>= 2.9)
      jenkins-plugin-proxy-workflow-job (>= 2.0)
    jenkins-plugin-proxy-plain-credentials (1.4)
      jenkins-plugin-proxy-credentials (>= 2.1.5)
      jenkins-plugin-proxy-jenkins-core (>= 1.609)
    jenkins-plugin-proxy-resource-disposer (0.8)
      jenkins-plugin-proxy-jenkins-core (>= 1.565)
    jenkins-plugin-proxy-role-strategy (2.7.0)
      jenkins-plugin-proxy-jenkins-core (>= 1.625.3)
      jenkins-plugin-proxy-matrix-auth (>= 1.7)
    jenkins-plugin-proxy-saml (1.0.5)
      jenkins-plugin-proxy-bouncycastle-api (>= 2.16.1)
      jenkins-plugin-proxy-jenkins-core (>= 2.60.1)
      jenkins-plugin-proxy-mailer (>= 1.18)
    jenkins-plugin-proxy-scm-api (2.2.6)
      jenkins-plugin-proxy-jenkins-core (>= 1.609.3)
      jenkins-plugin-proxy-structs (>= 1.9)
    jenkins-plugin-proxy-script-security (1.41)
      jenkins-plugin-proxy-jenkins-core (>= 2.7.3)
    jenkins-plugin-proxy-ssh-agent (1.15)
      jenkins-plugin-proxy-bouncycastle-api (>= 1.0.2)
      jenkins-plugin-proxy-credentials (>= 2.1.1)
      jenkins-plugin-proxy-jenkins-core (>= 1.609.3)
      jenkins-plugin-proxy-ssh-credentials (>= 1.11)
      jenkins-plugin-proxy-workflow-step-api (>= 1.14.2)
    jenkins-plugin-proxy-ssh-credentials (1.13)
      jenkins-plugin-proxy-credentials (>= 2.1.0)
      jenkins-plugin-proxy-jenkins-core (>= 1.609)
    jenkins-plugin-proxy-structs (1.14)
      jenkins-plugin-proxy-jenkins-core (>= 2.7.3)
    jenkins-plugin-proxy-timestamper (1.8.9)
      jenkins-plugin-proxy-jenkins-core (>= 1.608)
    jenkins-plugin-proxy-token-macro (2.3)
      jenkins-plugin-proxy-jenkins-core (>= 1.642.3)
      jenkins-plugin-proxy-workflow-job (>= 2.0)
      jenkins-plugin-proxy-workflow-step-api (>= 2.7)
    jenkins-plugin-proxy-workflow-aggregator (2.5)
      jenkins-plugin-proxy-jenkins-core (>= 2.7.3)
      jenkins-plugin-proxy-pipeline-build-step (>= 2.4)
      jenkins-plugin-proxy-pipeline-input-step (>= 2.5)
      jenkins-plugin-proxy-pipeline-milestone-step (>= 1.3)
      jenkins-plugin-proxy-pipeline-model-definition (>= 1.0)
      jenkins-plugin-proxy-pipeline-stage-step (>= 2.2)
      jenkins-plugin-proxy-pipeline-stage-view (>= 2.4)
      jenkins-plugin-proxy-workflow-api (>= 2.8)
      jenkins-plugin-proxy-workflow-basic-steps (>= 2.3)
      jenkins-plugin-proxy-workflow-cps (>= 2.24)
      jenkins-plugin-proxy-workflow-cps-global-lib (>= 2.5)
      jenkins-plugin-proxy-workflow-durable-task-step (>= 2.8)
      jenkins-plugin-proxy-workflow-job (>= 2.9)
      jenkins-plugin-proxy-workflow-multibranch (>= 2.9.2)
      jenkins-plugin-proxy-workflow-scm-step (>= 2.3)
      jenkins-plugin-proxy-workflow-step-api (>= 2.7)
      jenkins-plugin-proxy-workflow-support (>= 2.12)
    jenkins-plugin-proxy-workflow-api (2.26)
      jenkins-plugin-proxy-jenkins-core (>= 2.60.3)
      jenkins-plugin-proxy-scm-api (>= 2.0.8)
      jenkins-plugin-proxy-structs (>= 1.7)
      jenkins-plugin-proxy-workflow-step-api (>= 2.10)
    jenkins-plugin-proxy-workflow-basic-steps (2.6)
      jenkins-plugin-proxy-jenkins-core (>= 1.642.3)
      jenkins-plugin-proxy-mailer (>= 1.18)
      jenkins-plugin-proxy-structs (>= 1.6)
      jenkins-plugin-proxy-workflow-api (>= 2.16)
      jenkins-plugin-proxy-workflow-step-api (>= 2.12)
    jenkins-plugin-proxy-workflow-cps (2.45)
      jenkins-plugin-proxy-ace-editor (>= 1.0.1)
      jenkins-plugin-proxy-jenkins-core (>= 2.60.3)
      jenkins-plugin-proxy-jquery-detached (>= 1.2.1)
      jenkins-plugin-proxy-scm-api (>= 2.0.8)
      jenkins-plugin-proxy-script-security (>= 1.39)
      jenkins-plugin-proxy-structs (>= 1.14)
      jenkins-plugin-proxy-workflow-api (>= 2.25)
      jenkins-plugin-proxy-workflow-scm-step (>= 2.4)
      jenkins-plugin-proxy-workflow-step-api (>= 2.13)
      jenkins-plugin-proxy-workflow-support (>= 2.17)
    jenkins-plugin-proxy-workflow-cps-global-lib (2.9)
      jenkins-plugin-proxy-cloudbees-folder (>= 5.12)
      jenkins-plugin-proxy-git-client (>= 2.3.0)
      jenkins-plugin-proxy-git-server (>= 1.7)
      jenkins-plugin-proxy-jenkins-core (>= 1.642.3)
      jenkins-plugin-proxy-scm-api (>= 2.1.1)
      jenkins-plugin-proxy-script-security (>= 1.27)
      jenkins-plugin-proxy-workflow-cps (>= 2.30)
      jenkins-plugin-proxy-workflow-scm-step (>= 2.4)
    jenkins-plugin-proxy-workflow-durable-task-step (2.19)
      jenkins-plugin-proxy-durable-task (>= 1.18)
      jenkins-plugin-proxy-jenkins-core (>= 2.60.3)
      jenkins-plugin-proxy-script-security (>= 1.27)
      jenkins-plugin-proxy-structs (>= 1.7)
      jenkins-plugin-proxy-workflow-api (>= 2.22)
      jenkins-plugin-proxy-workflow-step-api (>= 2.13)
      jenkins-plugin-proxy-workflow-support (>= 2.16)
    jenkins-plugin-proxy-workflow-job (2.17)
      jenkins-plugin-proxy-jenkins-core (>= 2.62)
      jenkins-plugin-proxy-workflow-api (>= 2.25)
      jenkins-plugin-proxy-workflow-step-api (>= 2.13)
      jenkins-plugin-proxy-workflow-support (>= 2.17)
    jenkins-plugin-proxy-workflow-multibranch (2.17)
      jenkins-plugin-proxy-branch-api (>= 2.0.18)
      jenkins-plugin-proxy-cloudbees-folder (>= 6.1.2)
      jenkins-plugin-proxy-jenkins-core (>= 2.62)
      jenkins-plugin-proxy-scm-api (>= 2.2.6)
      jenkins-plugin-proxy-script-security (>= 1.39)
      jenkins-plugin-proxy-structs (>= 1.10)
      jenkins-plugin-proxy-workflow-api (>= 2.25)
      jenkins-plugin-proxy-workflow-cps (>= 2.43)
      jenkins-plugin-proxy-workflow-job (>= 2.17)
      jenkins-plugin-proxy-workflow-scm-step (>= 2.4)
      jenkins-plugin-proxy-workflow-step-api (>= 2.13)
      jenkins-plugin-proxy-workflow-support (>= 2.17)
    jenkins-plugin-proxy-workflow-scm-step (2.6)
      jenkins-plugin-proxy-jenkins-core (>= 2.60)
      jenkins-plugin-proxy-workflow-step-api (>= 2.9)
    jenkins-plugin-proxy-workflow-step-api (2.14)
      jenkins-plugin-proxy-jenkins-core (>= 1.642.3)
      jenkins-plugin-proxy-structs (>= 1.5)
    jenkins-plugin-proxy-workflow-support (2.18)
      jenkins-plugin-proxy-jenkins-core (>= 2.60.3)
      jenkins-plugin-proxy-scm-api (>= 2.2.6)
      jenkins-plugin-proxy-script-security (>= 1.39)
      jenkins-plugin-proxy-workflow-api (>= 2.25)
      jenkins-plugin-proxy-workflow-step-api (>= 2.13)
    jenkins-plugin-proxy-ws-cleanup (0.34)
      jenkins-plugin-proxy-jenkins-core (>= 1.642.1)
      jenkins-plugin-proxy-matrix-project (>= 1.12)
      jenkins-plugin-proxy-resource-disposer (>= 0.3)
      jenkins-plugin-proxy-structs (>= 1.5)
      jenkins-plugin-proxy-workflow-durable-task-step (>= 2.4)

PLATFORMS
  ruby

DEPENDENCIES
  jenkins-plugin-proxy-antisamy-markup-formatter (= 1.5)
  jenkins-plugin-proxy-build-timeout (= 1.19)
  jenkins-plugin-proxy-cloudbees-bitbucket-branch-source (= 2.2.10)
  jenkins-plugin-proxy-credentials (= 2.1.16)
  jenkins-plugin-proxy-credentials-binding (= 1.15)
  jenkins-plugin-proxy-docker-workflow (= 1.15.1)
  jenkins-plugin-proxy-ec2 (= 1.39)
  jenkins-plugin-proxy-email-ext (= 2.61)
  jenkins-plugin-proxy-git (= 3.8.0)
  jenkins-plugin-proxy-htmlpublisher (= 1.14)
  jenkins-plugin-proxy-jenkins-core (= 2.107.1)
  jenkins-plugin-proxy-jira (= 2.4.2)
  jenkins-plugin-proxy-lockable-resources (= 2.2)
  jenkins-plugin-proxy-role-strategy (= 2.7.0)
  jenkins-plugin-proxy-saml (= 1.0.5)
  jenkins-plugin-proxy-ssh-agent (= 1.15)
  jenkins-plugin-proxy-timestamper (= 1.8.9)
  jenkins-plugin-proxy-workflow-aggregator (= 2.5)
  jenkins-plugin-proxy-ws-cleanup (= 0.34)

BUNDLED WITH
   1.16.1
