GEM
  remote: http://localhost:9292/
  specs:
    jenkins-plugin-proxy-apache-httpcomponents-client-4-api (4.5.3.2.1)
      jenkins-plugin-proxy-jenkins-core (>= 1.625.3)
    jenkins-plugin-proxy-credentials (2.1.16)
      jenkins-plugin-proxy-jenkins-core (>= 1.625.3)
      jenkins-plugin-proxy-structs (>= 1.7)
    jenkins-plugin-proxy-display-url-api (2.2.0)
      jenkins-plugin-proxy-jenkins-core (>= 1.609.3)
    jenkins-plugin-proxy-git (3.7.0)
      jenkins-plugin-proxy-credentials (>= 2.1.14)
      jenkins-plugin-proxy-git-client (>= 2.7.0)
      jenkins-plugin-proxy-jenkins-core (>= 1.625.3)
      jenkins-plugin-proxy-mailer (>= 1.18)
      jenkins-plugin-proxy-matrix-project (>= 1.12)
      jenkins-plugin-proxy-scm-api (>= 2.2.0)
      jenkins-plugin-proxy-ssh-credentials (>= 1.13)
      jenkins-plugin-proxy-structs (>= 1.10)
      jenkins-plugin-proxy-workflow-scm-step (>= 1.14.2)
    jenkins-plugin-proxy-git-client (2.7.1)
      jenkins-plugin-proxy-apache-httpcomponents-client-4-api (>= 4.5.3.2.0)
      jenkins-plugin-proxy-credentials (>= 2.1.13)
      jenkins-plugin-proxy-jenkins-core (>= 1.625.3)
      jenkins-plugin-proxy-jsch (>= 0.1.54.1)
      jenkins-plugin-proxy-ssh-credentials (>= 1.13)
      jenkins-plugin-proxy-structs (>= 1.9)
    jenkins-plugin-proxy-jenkins-core (2.89.3)
    jenkins-plugin-proxy-jsch (0.1.54.1)
      jenkins-plugin-proxy-credentials (>= 1.21)
      jenkins-plugin-proxy-jenkins-core (>= 1.477)
      jenkins-plugin-proxy-ssh-credentials (>= 1.12)
    jenkins-plugin-proxy-junit (1.24)
      jenkins-plugin-proxy-jenkins-core (>= 2.7.3)
      jenkins-plugin-proxy-script-security (>= 1.30)
      jenkins-plugin-proxy-structs (>= 1.7)
      jenkins-plugin-proxy-workflow-api (>= 2.22)
      jenkins-plugin-proxy-workflow-step-api (>= 2.12)
    jenkins-plugin-proxy-mailer (1.20)
      jenkins-plugin-proxy-display-url-api (>= 1.0)
      jenkins-plugin-proxy-jenkins-core (>= 1.625.3)
    jenkins-plugin-proxy-matrix-project (1.12)
      jenkins-plugin-proxy-jenkins-core (>= 1.609)
      jenkins-plugin-proxy-junit (>= 1.20)
      jenkins-plugin-proxy-script-security (>= 1.13)
    jenkins-plugin-proxy-scm-api (2.2.6)
      jenkins-plugin-proxy-jenkins-core (>= 1.609.3)
      jenkins-plugin-proxy-structs (>= 1.9)
    jenkins-plugin-proxy-script-security (1.41)
      jenkins-plugin-proxy-jenkins-core (>= 2.7.3)
    jenkins-plugin-proxy-ssh-credentials (1.13)
      jenkins-plugin-proxy-credentials (>= 2.1.0)
      jenkins-plugin-proxy-jenkins-core (>= 1.609)
    jenkins-plugin-proxy-structs (1.13)
      jenkins-plugin-proxy-jenkins-core (>= 1.580.1)
    jenkins-plugin-proxy-workflow-api (2.25)
      jenkins-plugin-proxy-jenkins-core (>= 2.60.3)
      jenkins-plugin-proxy-scm-api (>= 2.0.8)
      jenkins-plugin-proxy-structs (>= 1.7)
      jenkins-plugin-proxy-workflow-step-api (>= 2.10)
    jenkins-plugin-proxy-workflow-scm-step (2.6)
      jenkins-plugin-proxy-jenkins-core (>= 2.60)
      jenkins-plugin-proxy-workflow-step-api (>= 2.9)
    jenkins-plugin-proxy-workflow-step-api (2.14)
      jenkins-plugin-proxy-jenkins-core (>= 1.642.3)
      jenkins-plugin-proxy-structs (>= 1.5)

PLATFORMS
  ruby

DEPENDENCIES
  jenkins-plugin-proxy-git (= 3.7.0)
  jenkins-plugin-proxy-jenkins-core (= 2.89.3)

BUNDLED WITH
   1.16.0
